PATH
  remote: .
  specs:
    proxmox_ruby (0.0.2)
      faraday (~> 0.8.7)

GEM
  remote: https://rubygems.org/
  specs:
    diff-lcs (1.2.4)
    faraday (0.8.8)
      multipart-post (~> 1.2.0)
    multipart-post (1.2.0)
    rake (10.0.4)
    rspec (2.13.0)
      rspec-core (~> 2.13.0)
      rspec-expectations (~> 2.13.0)
      rspec-mocks (~> 2.13.0)
    rspec-core (2.13.1)
    rspec-expectations (2.13.0)
      diff-lcs (>= 1.1.3, < 2.0)
    rspec-mocks (2.13.1)

PLATFORMS
  ruby

DEPENDENCIES
  bundler (~> 1.3)
  proxmox_ruby!
  rake
  rspec (~> 2.13.0)
